GEM
  remote: https://rubygems.org/
  specs:
    childprocess (0.9.0)
      ffi (~> 1.0, >= 1.0.11)
    ffi (1.9.25)
    hashie (3.5.7)

PLATFORMS
  ruby

DEPENDENCIES
  childprocess
  hashie

BUNDLED WITH
   1.16.2
